PATH
  remote: .
  specs:
    sensu-opsone-check (0.1.2)
      aws-sdk-s3 (~> 1)
      sensu-plugin (~> 4.0)

GEM
  remote: https://rubygems.org/
  specs:
    ast (2.4.0)
    aws-eventstream (1.2.0)
    aws-partitions (1.598.0)
    aws-sdk-core (3.131.1)
      aws-eventstream (~> 1, >= 1.0.2)
      aws-partitions (~> 1, >= 1.525.0)
      aws-sigv4 (~> 1.1)
      jmespath (~> 1, >= 1.6.1)
    aws-sdk-kms (1.57.0)
      aws-sdk-core (~> 3, >= 3.127.0)
      aws-sigv4 (~> 1.1)
    aws-sdk-s3 (1.114.0)
      aws-sdk-core (~> 3, >= 3.127.0)
      aws-sdk-kms (~> 1)
      aws-sigv4 (~> 1.4)
    aws-sigv4 (1.5.0)
      aws-eventstream (~> 1, >= 1.0.2)
    jmespath (1.6.1)
    json (2.6.2)
    mixlib-cli (1.7.0)
    parallel (1.19.1)
    parser (2.7.0.2)
      ast (~> 2.4.0)
    powerpack (0.1.2)
    rainbow (2.2.2)
      rake
    rake (13.0.1)
    rubocop (0.51.0)
      parallel (~> 1.10)
      parser (>= 2.3.3.1, < 3.0)
      powerpack (~> 0.1)
      rainbow (>= 2.2.2, < 3.0)
      ruby-progressbar (~> 1.7)
      unicode-display_width (~> 1.0, >= 1.0.1)
    ruby-progressbar (1.10.1)
    sensu-plugin (4.0.0)
      json (< 3.0.0)
      mixlib-cli (~> 1.5)
    unicode-display_width (1.6.1)

PLATFORMS
  ruby

DEPENDENCIES
  bundler (~> 2.1)
  rake (~> 13.0)
  rubocop (~> 0.51.0)
  sensu-opsone-check!

RUBY VERSION
   ruby 2.4.4p296

BUNDLED WITH
   2.1.4
